GEM
  remote: http://rubygems.org/
  specs:
    minitest (2.6.0)
    rake (0.9.2)
    yard (0.7.2)

PLATFORMS
  java
  ruby

DEPENDENCIES
  minitest
  rake
  yard (>= 0.7.2)
